GEM
  remote: https://rubygems.org/
  specs:
    RedCloth (4.2.0)
    RubyInline (3.6.7)
      hoe (>= 1.5.1)
    SQS (0.1.7)
    ZenTest (4.5.0)
    actionmailer (2.3.4)
      actionpack (= 2.3.4)
    actionpack (2.3.4)
      activesupport (= 2.3.4)
      rack (~> 1.0.0)
    activerecord (2.3.4)
      activesupport (= 2.3.4)
    activeresource (2.3.4)
      activesupport (= 2.3.4)
    activesupport (2.3.4)
    amatch (0.2.3)
    amazon-ec2 (0.2.13)
      mocha
      rcov
      test-spec
      xml-simple
    aws-s3 (0.5.1)
      builder
      mime-types
      xml-simple
    builder (2.1.2)
    capistrano (2.5.17)
      highline
      net-scp (>= 1.0.0)
      net-sftp (>= 2.0.0)
      net-ssh (>= 2.0.14)
      net-ssh-gateway (>= 1.0.0)
    capistrano-ext (1.2.1)
      capistrano (>= 1.0.0)
    cgi_multipart_eof_fix (2.5.0)
    columnize (0.9.0)
    daemons (1.0.10)
    fastthread (1.0.1)
    gem_plugin (0.2.3)
    google-spreadsheet-ruby (0.1.1)
      hpricot (>= 0.3)
      oauth (>= 0.3.6)
    haml (2.0.6)
    highline (1.5.2)
    hoe (1.8.2)
      rake (>= 0.8.3)
      rubyforge (>= 1.0.1)
    hpricot (0.6)
    htmlentities (4.0.0)
    image_science (1.1.3)
      RubyInline (> 0.0.0)
      hoe (>= 1.2.1)
    json (1.8.3)
    linecache (0.46)
      rbx-require-relative (> 0.0.4)
    mechanize (0.9.2)
      nokogiri (>= 1.2.1)
    mime-types (1.15)
    mislav-will_paginate (2.3.11)
    mocha (0.9.0)
      rake
    mongrel (1.1.5)
      cgi_multipart_eof_fix (>= 2.4)
      daemons (>= 1.0.3)
      fastthread (>= 1.0.1)
      gem_plugin (>= 0.2.3)
    mongrel_cluster (1.0.5)
      gem_plugin (>= 0.2.3)
      mongrel (>= 1.0.2)
    mysql (2.7)
    net-scp (1.0.2)
      net-ssh (>= 1.99.1)
    net-sftp (2.0.4)
      net-ssh (>= 2.0.9)
    net-ssh (2.0.20)
    net-ssh-gateway (1.0.1)
      net-ssh (>= 1.99.1)
    nokogiri (1.2.3)
    oauth (0.4.7)
    passenger (2.2.3)
      fastthread (>= 1.0.1)
      rake (>= 0.8.1)
    rack (1.0.0)
    rails (2.3.4)
      actionmailer (= 2.3.4)
      actionpack (= 2.3.4)
      activerecord (= 2.3.4)
      activeresource (= 2.3.4)
      activesupport (= 2.3.4)
      rake (>= 0.8.3)
    rake (0.9.2)
    rbx-require-relative (0.0.9)
    rcov (0.9.9)
    roo (1.9.3)
    rspec (1.1.4)
    ruby-debug (0.10.4)
      columnize (>= 0.1)
      ruby-debug-base (~> 0.10.4.0)
    ruby-debug-base (0.10.4)
      linecache (>= 0.3)
    ruby-ole (1.2.11.8)
    rubyforge (1.0.1)
    rubygems-update (1.4.2)
    rubyzip (0.9.1)
    sources (0.0.1)
    spork (0.8.5)
    spreadsheet (1.0.5)
      ruby-ole (>= 1.0)
    syntax (1.0.0)
    test-spec (0.10.0)
    xml-simple (1.1.0)
    ya2yaml (0.30)

PLATFORMS
  ruby

DEPENDENCIES
  RedCloth (= 4.2.0)
  RubyInline (= 3.6.7)
  SQS (= 0.1.7)
  ZenTest (= 4.5.0)
  amatch (= 0.2.3)
  amazon-ec2 (= 0.2.13)
  aws-s3 (= 0.5.1)
  builder (= 2.1.2)
  capistrano (= 2.5.17)
  capistrano-ext (= 1.2.1)
  cgi_multipart_eof_fix (= 2.5.0)
  daemons (= 1.0.10)
  fastthread (= 1.0.1)
  gem_plugin (= 0.2.3)
  google-spreadsheet-ruby (= 0.1.1)
  haml (= 2.0.6)
  highline (= 1.5.2)
  hoe (= 1.8.2)
  hpricot (= 0.6)
  htmlentities (= 4.0.0)
  image_science (= 1.1.3)
  json (~> 1.8.2)
  mechanize (= 0.9.2)
  mime-types (= 1.15)
  mislav-will_paginate
  mocha (= 0.9.0)
  mongrel (= 1.1.5)
  mongrel_cluster (= 1.0.5)
  mysql (= 2.7)
  net-scp (= 1.0.2)
  net-sftp (= 2.0.4)
  net-ssh (= 2.0.20)
  net-ssh-gateway (= 1.0.1)
  nokogiri (= 1.2.3)
  passenger (= 2.2.3)
  rack (= 1.0.0)
  rails (= 2.3.4)
  rake (= 0.9.2)
  rcov (= 0.9.9)
  roo (= 1.9.3)
  rspec (= 1.1.4)
  ruby-debug (= 0.10.4)
  rubyforge (= 1.0.1)
  rubygems-update (= 1.4.2)
  rubyzip (= 0.9.1)
  sources (= 0.0.1)
  spork (= 0.8.5)
  spreadsheet (= 1.0.5)
  syntax (= 1.0.0)
  test-spec (= 0.10.0)
  xml-simple (= 1.1.0)
  ya2yaml (= 0.30)

BUNDLED WITH
   1.10.6
